GIT
  remote: https://github.com/pocheptsov/packable.git
  revision: ee9e18c77a258879e3ad4dbf91a95bda2117f9ac
  ref: ee9e18c77a258879e3ad4dbf91a95bda2117f9ac
  specs:
    packable (1.3.9)
      backports

GEM
  remote: https://rubygems.org/
  specs:
    addressable (2.7.0)
      public_suffix (>= 2.0.2, < 5.0)
    aws-sdk (2.11.53)
      aws-sdk-resources (= 2.11.53)
    aws-sdk-core (2.11.53)
      aws-sigv4 (~> 1.0)
      jmespath (~> 1.0)
    aws-sdk-resources (2.11.53)
      aws-sdk-core (= 2.11.53)
    aws-sigv4 (1.0.2)
    backports (3.17.0)
    colorator (1.1.0)
    colored (1.2)
    concurrent-ruby (1.1.6)
    configure-s3-website (2.3.0)
      aws-sdk (~> 2)
      deep_merge (~> 1.0.0)
    deep_merge (1.0.1)
    dotenv (1.0.2)
    em-websocket (0.5.1)
      eventmachine (>= 0.12.9)
      http_parser.rb (~> 0.6.0)
    eventmachine (1.2.7)
    fast-stemmer (1.0.2)
    ffi (1.12.2)
    forwardable-extended (2.6.0)
    http_parser.rb (0.6.0)
    i18n (0.9.5)
      concurrent-ruby (~> 1.0)
    jekyll (3.8.4)
      addressable (~> 2.4)
      colorator (~> 1.0)
      em-websocket (~> 0.5)
      i18n (~> 0.7)
      jekyll-sass-converter (~> 1.0)
      jekyll-watch (~> 2.0)
      kramdown (~> 1.14)
      liquid (~> 4.0)
      mercenary (~> 0.3.3)
      pathutil (~> 0.9)
      rouge (>= 1.7, < 4)
      safe_yaml (~> 1.0)
    jekyll-auto-image (1.1.3)
      jekyll
    jekyll-paginate (1.1.0)
    jekyll-purgecss (0.3.0)
    jekyll-sass-converter (1.5.2)
      sass (~> 3.4)
    jekyll-sitemap (1.4.0)
      jekyll (>= 3.7, < 5.0)
    jekyll-tfidf-related-posts (0.1.5)
      fast-stemmer (~> 1.0)
      jekyll (~> 3.0)
      nmatrix (~> 0.2)
      pqueue (~> 2.1)
      stopwords-filter (~> 0.4)
    jekyll-watch (2.2.1)
      listen (~> 3.0)
    jmespath (1.4.0)
    kramdown (1.17.0)
    liquid (4.0.3)
    listen (3.2.1)
      rb-fsevent (~> 0.10, >= 0.10.3)
      rb-inotify (~> 0.9, >= 0.9.10)
    mercenary (0.3.6)
    nmatrix (0.2.4)
      packable (~> 1.3, >= 1.3.5)
    pathutil (0.16.2)
      forwardable-extended (~> 2.6)
    pqueue (2.1.0)
    public_suffix (4.0.3)
    rb-fsevent (0.10.3)
    rb-inotify (0.10.1)
      ffi (~> 1.0)
    rouge (3.17.0)
    s3_website (3.4.0)
      colored (= 1.2)
      configure-s3-website (= 2.3.0)
      dotenv (~> 1.0)
      thor (~> 0.18)
    safe_yaml (1.0.5)
    sass (3.7.4)
      sass-listen (~> 4.0.0)
    sass-listen (4.0.0)
      rb-fsevent (~> 0.9, >= 0.9.4)
      rb-inotify (~> 0.9, >= 0.9.7)
    stopwords-filter (0.4.1)
    thor (0.20.0)

PLATFORMS
  ruby

DEPENDENCIES
  jekyll (~> 3.8)
  jekyll-auto-image
  jekyll-paginate
  jekyll-purgecss
  jekyll-sitemap
  jekyll-tfidf-related-posts
  packable!
  s3_website

BUNDLED WITH
   2.1.4
